PATH
  remote: .
  specs:
    tramway-page (0.1.0)

GEM
  remote: https://rubygems.org/
  specs:

PLATFORMS
  ruby

DEPENDENCIES
  tramway-page!

BUNDLED WITH
   1.16.2
